GIT
  remote: git://github.com/rapid7/metasploit-concern.git
  revision: 17f1ba4cae2823058cb98da659d11e4f8003a519
  branch: staging/rails-4.2
  specs:
    metasploit-concern (1.0.0.pre.rails.pre.4.2)
      activerecord (~> 4.2.0)
      activesupport (~> 4.2.0)
      railties (~> 4.2.0)

GIT
  remote: git://github.com/rapid7/metasploit-credential.git
  revision: 1c43caa4e9dca21308fec04c1b88c7dd64144e16
  branch: staging/rails-4.2
  specs:
    metasploit-credential (1.0.0.pre.rails.pre.4.2)
      pg
      railties
      rubyntlm
      rubyzip (~> 1.1)

GIT
  remote: git://github.com/rapid7/metasploit-model.git
  revision: dc390b23745e1bd1251a86ab6aef7c267fbd18ab
  branch: staging/rails-4.2
  specs:
    metasploit-model (1.0.0.pre.rails.pre.4.2)
      activemodel (~> 4.2.0)
      activesupport (~> 4.2.0)
      railties (~> 4.2.0)

GIT
  remote: git://github.com/rapid7/metasploit_data_models.git
  revision: 6250e9f491cedf4a4e572ea11ec30cee3d5f06ec
  branch: staging/rails-4.2
  specs:
    metasploit_data_models (1.2.6.pre.rails.pre.4.2)
      activerecord (~> 4.2.0)
      activesupport (~> 4.2.0)
      arel-helpers
      pg
      postgres_ext
      railties (~> 4.2.0)
      recog (~> 2.0)

PATH
  remote: .
  specs:
    metasploit-framework (4.11.3)
      actionpack (~> 4.2.0)
      activesupport (~> 4.2.0)
      bcrypt
      jsobfu (~> 0.2.0)
      json
      metasploit-payloads (= 1.0.7)
      msgpack
      nokogiri
      packetfu (= 1.1.9)
      railties
      rb-readline-r7
      recog (= 2.0.6)
      robots
      rubyzip (~> 1.1)
      sqlite3
      tzinfo
    metasploit-framework-db (4.11.3)
      activerecord (~> 4.2.0)
      metasploit-framework (= 4.11.3)
      pg (>= 0.11)
    metasploit-framework-pcap (4.11.3)
      metasploit-framework (= 4.11.3)
      network_interface (~> 0.0.1)
      pcaprub

GEM
  remote: https://rubygems.org/
  specs:
    actionmailer (4.2.3)
      actionpack (= 4.2.3)
      actionview (= 4.2.3)
      activejob (= 4.2.3)
      mail (~> 2.5, >= 2.5.4)
      rails-dom-testing (~> 1.0, >= 1.0.5)
    actionpack (4.2.3)
      actionview (= 4.2.3)
      activesupport (= 4.2.3)
      rack (~> 1.6)
      rack-test (~> 0.6.2)
      rails-dom-testing (~> 1.0, >= 1.0.5)
      rails-html-sanitizer (~> 1.0, >= 1.0.2)
    actionview (4.2.3)
      activesupport (= 4.2.3)
      builder (~> 3.1)
      erubis (~> 2.7.0)
      rails-dom-testing (~> 1.0, >= 1.0.5)
      rails-html-sanitizer (~> 1.0, >= 1.0.2)
    activejob (4.2.3)
      activesupport (= 4.2.3)
      globalid (>= 0.3.0)
    activemodel (4.2.3)
      activesupport (= 4.2.3)
      builder (~> 3.1)
    activerecord (4.2.3)
      activemodel (= 4.2.3)
      activesupport (= 4.2.3)
      arel (~> 6.0)
    activesupport (4.2.3)
      i18n (~> 0.7)
      json (~> 1.7, >= 1.7.7)
      minitest (~> 5.1)
      thread_safe (~> 0.3, >= 0.3.4)
      tzinfo (~> 1.1)
    arel (6.0.2)
    arel-helpers (2.1.0)
      activerecord (>= 3.1.0, < 5)
    aruba (0.6.2)
      childprocess (>= 0.3.6)
      cucumber (>= 1.1.1)
      rspec-expectations (>= 2.7.0)
    bcrypt (3.1.10)
    builder (3.2.2)
    capybara (2.4.4)
      mime-types (>= 1.16)
      nokogiri (>= 1.3.3)
      rack (>= 1.0.0)
      rack-test (>= 0.5.4)
      xpath (~> 2.0)
    childprocess (0.5.5)
      ffi (~> 1.0, >= 1.0.11)
    coderay (1.1.0)
    cucumber (1.3.19)
      builder (>= 2.1.2)
      diff-lcs (>= 1.1.3)
      gherkin (~> 2.12)
      multi_json (>= 1.7.5, < 2.0)
      multi_test (>= 0.1.2)
    cucumber-rails (1.4.2)
      capybara (>= 1.1.2, < 3)
      cucumber (>= 1.3.8, < 2)
      mime-types (>= 1.16, < 3)
      nokogiri (~> 1.5)
      rails (>= 3, < 5)
    diff-lcs (1.2.5)
    docile (1.1.5)
    erubis (2.7.0)
    factory_girl (4.5.0)
      activesupport (>= 3.0.0)
    factory_girl_rails (4.5.0)
      factory_girl (~> 4.5.0)
      railties (>= 3.0.0)
    ffi (1.9.8)
    fivemat (1.2.1)
    gherkin (2.12.2)
      multi_json (~> 1.3)
    globalid (0.3.5)
      activesupport (>= 4.1.0)
    i18n (0.7.0)
    jsobfu (0.2.1)
      rkelly-remix (= 0.0.6)
    json (1.8.3)
    loofah (2.0.2)
      nokogiri (>= 1.5.9)
    mail (2.6.3)
      mime-types (>= 1.16, < 3)
    metasploit-payloads (1.0.7)
    method_source (0.8.2)
    mime-types (2.6.1)
    mini_portile (0.6.2)
    minitest (5.7.0)
    msgpack (0.6.2)
    multi_json (1.11.2)
    multi_test (0.1.2)
    network_interface (0.0.1)
    nokogiri (1.6.6.2)
      mini_portile (~> 0.6.0)
    packetfu (1.1.9)
    pcaprub (0.12.0)
    pg (0.18.2)
    pg_array_parser (0.0.9)
    postgres_ext (2.4.1)
      activerecord (>= 4.0.0)
      arel (>= 4.0.1)
      pg_array_parser (~> 0.0.9)
    pry (0.10.1)
      coderay (~> 1.1.0)
      method_source (~> 0.8.1)
      slop (~> 3.4)
    rack (1.6.4)
    rack-test (0.6.3)
      rack (>= 1.0)
    rails (4.2.3)
      actionmailer (= 4.2.3)
      actionpack (= 4.2.3)
      actionview (= 4.2.3)
      activejob (= 4.2.3)
      activemodel (= 4.2.3)
      activerecord (= 4.2.3)
      activesupport (= 4.2.3)
      bundler (>= 1.3.0, < 2.0)
      railties (= 4.2.3)
      sprockets-rails
    rails-deprecated_sanitizer (1.0.3)
      activesupport (>= 4.2.0.alpha)
    rails-dom-testing (1.0.6)
      activesupport (>= 4.2.0.beta, < 5.0)
      nokogiri (~> 1.6.0)
      rails-deprecated_sanitizer (>= 1.0.1)
    rails-html-sanitizer (1.0.2)
      loofah (~> 2.0)
    railties (4.2.3)
      actionpack (= 4.2.3)
      activesupport (= 4.2.3)
      rake (>= 0.8.7)
      thor (>= 0.18.1, < 2.0)
    rake (10.4.2)
    rb-readline-r7 (0.5.2.0)
    recog (2.0.6)
      nokogiri
    redcarpet (3.2.3)
    rkelly-remix (0.0.6)
    robots (0.10.1)
    rspec (2.99.0)
      rspec-core (~> 2.99.0)
      rspec-expectations (~> 2.99.0)
      rspec-mocks (~> 2.99.0)
    rspec-collection_matchers (1.1.2)
      rspec-expectations (>= 2.99.0.beta1)
    rspec-core (2.99.2)
    rspec-expectations (2.99.2)
      diff-lcs (>= 1.1.3, < 2.0)
    rspec-mocks (2.99.3)
    rspec-rails (2.99.0)
      actionpack (>= 3.0)
      activemodel (>= 3.0)
      activesupport (>= 3.0)
      railties (>= 3.0)
      rspec-collection_matchers
      rspec-core (~> 2.99.0)
      rspec-expectations (~> 2.99.0)
      rspec-mocks (~> 2.99.0)
    rubyntlm (0.5.2)
    rubyzip (1.1.7)
    shoulda-matchers (2.8.0)
      activesupport (>= 3.0.0)
    simplecov (0.9.2)
      docile (~> 1.1.0)
      multi_json (~> 1.0)
      simplecov-html (~> 0.9.0)
    simplecov-html (0.9.0)
    slop (3.6.0)
    sprockets (3.2.0)
      rack (~> 1.0)
    sprockets-rails (2.3.2)
      actionpack (>= 3.0)
      activesupport (>= 3.0)
      sprockets (>= 2.8, < 4.0)
    sqlite3 (1.3.10)
    thor (0.19.1)
    thread_safe (0.3.5)
    timecop (0.7.3)
    tzinfo (1.2.2)
      thread_safe (~> 0.1)
    xpath (2.0.0)
      nokogiri (~> 1.3)
    yard (0.8.7.6)

PLATFORMS
  ruby

DEPENDENCIES
  aruba
  cucumber-rails
  factory_girl_rails (~> 4.5.0)
  fivemat (= 1.2.1)
  metasploit-concern!
  metasploit-credential!
  metasploit-framework!
  metasploit-framework-db!
  metasploit-framework-pcap!
  metasploit-model!
  metasploit_data_models!
  pry
  rake (>= 10.0.0)
  redcarpet
  rspec (>= 2.12, < 3.0.0)
  rspec-rails (>= 2.12, < 3.0.0)
  shoulda-matchers
  simplecov
  timecop
  yard
